PATH
  remote: .
  specs:
    credentials_manager (0.1.0)
      colored
      highline (~> 1.6.21)
      security (~> 0.1.3)

GEM
  remote: https://rubygems.org/
  specs:
    colored (1.2)
    diff-lcs (1.2.5)
    highline (1.6.21)
    rake (10.4.2)
    rspec (3.1.0)
      rspec-core (~> 3.1.0)
      rspec-expectations (~> 3.1.0)
      rspec-mocks (~> 3.1.0)
    rspec-core (3.1.7)
      rspec-support (~> 3.1.0)
    rspec-expectations (3.1.2)
      diff-lcs (>= 1.2.0, < 2.0)
      rspec-support (~> 3.1.0)
    rspec-mocks (3.1.3)
      rspec-support (~> 3.1.0)
    rspec-support (3.1.2)
    security (0.1.3)

PLATFORMS
  ruby

DEPENDENCIES
  bundler
  credentials_manager!
  rake
  rspec (~> 3.1.0)
